PATH
  remote: .
  specs:
    red-datasets (0.1.5)
      csv (>= 3.0.5)
      rexml
      rubyzip

GEM
  remote: https://rubygems.org/
  specs:
    csv (3.2.3)
    kramdown (2.4.0)
      rexml
    power_assert (2.0.1)
    rake (13.0.6)
    rexml (3.2.5)
    rubyzip (2.3.2)
    test-unit (3.5.3)
      power_assert
    webrick (1.7.0)
    yard (0.9.28)
      webrick (~> 1.7.0)

PLATFORMS
  x86_64-linux

DEPENDENCIES
  bundler
  kramdown
  rake
  red-datasets!
  test-unit
  yard

BUNDLED WITH
   2.3.16
